GEM
  remote: https://rubygems.org/
  specs:
    ast (1.0.2)
    diff-lcs (1.2.4)
    exifr (1.1.3)
    ocra (1.3.1)
    parser (2.0.0.beta5)
      ast (~> 1.0)
      slop (~> 3.4)
    rainbow (1.1.4)
    rspec (2.13.0)
      rspec-core (~> 2.13.0)
      rspec-expectations (~> 2.13.0)
      rspec-mocks (~> 2.13.0)
    rspec-core (2.13.1)
    rspec-expectations (2.13.0)
      diff-lcs (>= 1.1.3, < 2.0)
    rspec-mocks (2.13.1)
    rubocop (0.8.2)
      parser (>= 2.0.0.beta1, <= 2.0.0)
      rainbow (>= 1.1.4)
    slop (3.4.5)

PLATFORMS
  x86-mingw32

DEPENDENCIES
  exifr
  ocra
  rspec
  rubocop
